GEM
  remote: https://rubygems.org/
  specs:
    algoliasearch (1.6.1)
      httpclient (~> 2.4)
      json (>= 1.5.1)
    babel-source (5.8.34)
    babel-transpiler (0.7.0)
      babel-source (>= 4.0, < 6)
      execjs (~> 2.0)
    bourbon (4.2.6)
      sass (~> 3.4)
      thor (~> 0.19)
    coderay (1.1.0)
    colorator (0.1)
    execjs (2.6.0)
    ffi (1.11.1)
    httpclient (2.7.0.1)
    jekyll (3.1.6)
      colorator (~> 0.1)
      jekyll-sass-converter (~> 1.0)
      jekyll-watch (~> 1.1)
      kramdown (~> 1.3)
      liquid (~> 3.0)
      mercenary (~> 0.3.3)
      rouge (~> 1.7)
      safe_yaml (~> 1.0)
    jekyll-babel (1.1.0)
      babel-transpiler
    jekyll-paginate (1.1.0)
    jekyll-sass-converter (1.5.2)
      sass (~> 3.4)
    jekyll-watch (1.5.1)
      listen (~> 3.0)
    json (1.8.6)
    kramdown (1.17.0)
    libv8 (3.16.14.19)
    liquid (3.0.6)
    listen (3.1.5)
      rb-fsevent (~> 0.9, >= 0.9.4)
      rb-inotify (~> 0.9, >= 0.9.7)
      ruby_dep (~> 1.2)
    mercenary (0.3.6)
    method_source (0.8.2)
    mini_portile (0.6.2)
    neat (1.7.2)
      bourbon (>= 4.0)
      sass (>= 3.3)
    nokogiri (1.6.6.4)
      mini_portile (~> 0.6.0)
    pry (0.10.3)
      coderay (~> 1.1.0)
      method_source (~> 0.8.1)
      slop (~> 3.4)
    rb-fsevent (0.10.3)
    rb-inotify (0.10.0)
      ffi (~> 1.0)
    ref (2.0.0)
    rouge (1.10.1)
    ruby_dep (1.5.0)
    safe_yaml (1.0.5)
    sass (3.4.19)
    slop (3.6.0)
    terminal-notifier (1.6.3)
    therubyracer (0.12.3)
      libv8 (~> 3.16.14.15)
      ref
    thor (0.19.1)

PLATFORMS
  ruby

DEPENDENCIES
  algoliasearch (~> 1.6.1)
  bourbon (~> 4.2.1)
  jekyll (~> 3.1.0)
  jekyll-babel (~> 1.1.0)
  jekyll-paginate (~> 1.1.0)
  json (~> 1.8.5)
  neat (~> 1.7.1)
  nokogiri (~> 1.6.6)
  pry
  rouge (~> 1.10.1)
  terminal-notifier (~> 1.6.1)
  therubyracer (~> 0.12.3)

BUNDLED WITH
   1.17.3
